PATH
  remote: .
  specs:
    fit (1.0.0)
      bindata (~> 2.4.4)

GEM
  remote: https://rubygems.org/
  specs:
    ast (2.4.0)
    bindata (2.4.4)
    diff-lcs (1.3)
    jaro_winkler (1.5.3)
    parallel (1.17.0)
    parser (2.6.4.1)
      ast (~> 2.4.0)
    rainbow (3.0.0)
    rake (12.3.2)
    rspec (3.8.0)
      rspec-core (~> 3.8.0)
      rspec-expectations (~> 3.8.0)
      rspec-mocks (~> 3.8.0)
    rspec-core (3.8.0)
      rspec-support (~> 3.8.0)
    rspec-expectations (3.8.3)
      diff-lcs (>= 1.2.0, < 2.0)
      rspec-support (~> 3.8.0)
    rspec-mocks (3.8.0)
      diff-lcs (>= 1.2.0, < 2.0)
      rspec-support (~> 3.8.0)
    rspec-support (3.8.0)
    rubocop (0.75.0)
      jaro_winkler (~> 1.5.1)
      parallel (~> 1.10)
      parser (>= 2.6)
      rainbow (>= 2.2.2, < 4.0)
      ruby-progressbar (~> 1.7)
      unicode-display_width (>= 1.4.0, < 1.7)
    ruby-progressbar (1.10.1)
    unicode-display_width (1.6.0)
    yard (0.9.19)

PLATFORMS
  ruby

DEPENDENCIES
  bundler (~> 2.0.0)
  fit!
  rake (~> 12.3.2)
  rspec (~> 3.8.0)
  rubocop (~> 0.75.0)
  yard (~> 0.9.19)

BUNDLED WITH
   2.0.1
