PATH
  remote: .
  specs:
    fit (3.1.0)
      bindata (= 2.3.0)

GEM
  remote: https://rubygems.org/
  specs:
    bindata (2.3.0)
    diff-lcs (1.3)
    rake (12.3.2)
    rspec (3.8.0)
      rspec-core (~> 3.8.0)
      rspec-expectations (~> 3.8.0)
      rspec-mocks (~> 3.8.0)
    rspec-core (3.8.0)
      rspec-support (~> 3.8.0)
    rspec-expectations (3.8.2)
      diff-lcs (>= 1.2.0, < 2.0)
      rspec-support (~> 3.8.0)
    rspec-mocks (3.8.0)
      diff-lcs (>= 1.2.0, < 2.0)
      rspec-support (~> 3.8.0)
    rspec-support (3.8.0)
    yard (0.9.19)

PLATFORMS
  ruby

DEPENDENCIES
  bundler (~> 2.0.0)
  fit!
  rake (~> 12.3.2)
  rspec (~> 3.8.0)
  yard (~> 0.9.19)

BUNDLED WITH
   2.0.1
